GEM
  remote: http://rubygems.org/
  specs:
    chunky_png (1.2.6)
    compass (0.12.2)
      chunky_png (~> 1.2)
      fssm (>= 0.2.7)
      sass (~> 3.1)
    daemons (1.1.9)
    eventmachine (0.12.10)
    faker (1.0.1)
      i18n (~> 0.4)
    fssm (0.2.9)
    haml (3.1.7)
    htmlentities (4.3.1)
    i18n (0.6.0)
    json (1.7.5)
    mysql2 (0.3.11)
    net-ssh (2.5.2)
    rack (1.4.1)
    rack-protection (1.2.0)
      rack
    sass (3.2.1)
    sequel (3.38.0)
    shotgun (0.9)
      rack (>= 1.0)
    sinatra (1.3.3)
      rack (~> 1.3, >= 1.3.6)
      rack-protection (~> 1.2)
      tilt (~> 1.3, >= 1.3.3)
    sinatra-partial (0.3.2)
      sinatra
    sinatra-sequel (0.9.0)
      sequel (>= 3.2.0)
      sinatra (>= 0.9.4)
    thin (1.4.1)
      daemons (>= 1.0.9)
      eventmachine (>= 0.12.6)
      rack (>= 1.0.0)
    tilt (1.3.3)

PLATFORMS
  ruby

DEPENDENCIES
  compass
  faker
  haml
  htmlentities
  json
  mysql2
  net-ssh
  sass
  sequel
  shotgun
  sinatra
  sinatra-partial
  sinatra-sequel
  thin
